GEM
  remote: http://rubygems.org/
  specs:
    bson (1.4.0)
    bson_ext (1.4.0)
    mongo (1.4.0)
      bson (= 1.4.0)
    mongo_ext (0.19.3)

PLATFORMS
  ruby

DEPENDENCIES
  bson_ext
  mongo
  mongo_ext
